GEM
  remote: https://rubygems.org/
  specs:
    mysql2 (0.4.3)
    thor (0.19.1)

PLATFORMS
  ruby

DEPENDENCIES
  mysql2
  thor

BUNDLED WITH
   1.11.2
